PATH
  remote: .
  specs:
    simple_states (0.0.1)
      activesupport
      test_declarative

GEM
  remote: http://rubygems.org/
  specs:
    activesupport (3.1.3)
      multi_json (~> 1.0)
    columnize (0.3.5)
    linecache (0.46)
      rbx-require-relative (> 0.0.4)
    metaclass (0.0.1)
    mocha (0.10.3)
      metaclass (~> 0.0.1)
    multi_json (1.0.4)
    rbx-require-relative (0.0.5)
    require_relative (1.0.3)
    ruby-debug (0.10.4)
      columnize (>= 0.1)
      ruby-debug-base (~> 0.10.4.0)
    ruby-debug-base (0.10.4)
      linecache (>= 0.3)
    test_declarative (0.0.5)

PLATFORMS
  ruby

DEPENDENCIES
  mocha
  require_relative (~> 1.0.1)
  ruby-debug
  simple_states!
  test_declarative
